GEM
  remote: https://rubygems.org/
  specs:
    ast (2.4.0)
    aws-eventstream (1.0.1)
    aws-partitions (1.99.0)
    aws-sdk-core (3.24.1)
      aws-eventstream (~> 1.0)
      aws-partitions (~> 1.0)
      aws-sigv4 (~> 1.0)
      jmespath (~> 1.0)
    aws-sdk-kms (1.7.0)
      aws-sdk-core (~> 3)
      aws-sigv4 (~> 1.0)
    aws-sdk-s3 (1.17.0)
      aws-sdk-core (~> 3, >= 3.21.2)
      aws-sdk-kms (~> 1)
      aws-sigv4 (~> 1.0)
    aws-sigv4 (1.0.3)
    byebug (10.0.2)
    httparty (0.16.2)
      multi_xml (>= 0.5.2)
    jaro_winkler (1.5.1)
    jmespath (1.4.0)
    mini_portile2 (2.3.0)
    multi_xml (0.6.0)
    nokogiri (1.8.4)
      mini_portile2 (~> 2.3.0)
    nokogiri (1.8.4-x64-mingw32)
      mini_portile2 (~> 2.3.0)
    parallel (1.12.1)
    parser (2.5.1.2)
      ast (~> 2.4.0)
    powerpack (0.1.2)
    rainbow (3.0.0)
    rubocop (0.58.2)
      jaro_winkler (~> 1.5.1)
      parallel (~> 1.10)
      parser (>= 2.5, != 2.5.1.1)
      powerpack (~> 0.1)
      rainbow (>= 2.2.2, < 4.0)
      ruby-progressbar (~> 1.7)
      unicode-display_width (~> 1.0, >= 1.0.1)
    ruby-progressbar (1.10.0)
    unicode-display_width (1.4.0)

PLATFORMS
  ruby
  x64-mingw32

DEPENDENCIES
  aws-sdk-s3
  byebug
  httparty
  nokogiri
  rubocop
  ruby-progressbar

BUNDLED WITH
   1.16.3
