GEM
  remote: https://rubygems.org/
  specs:
    httparty (0.16.2)
      multi_xml (>= 0.5.2)
    mini_portile2 (2.3.0)
    multi_xml (0.6.0)
    nokogiri (1.8.4-x64-mingw32)
      mini_portile2 (~> 2.3.0)
    rubyzip (1.2.1)

PLATFORMS
  x64-mingw32

DEPENDENCIES
  httparty
  nokogiri
  rubyzip

BUNDLED WITH
   1.16.3
